PATH
  remote: .
  specs:
    sys-proctree (0.0.11)
      sys-proctable (~> 1.2)

GEM
  remote: http://rubygems.org/
  specs:
    ast (2.4.0)
    diff-lcs (1.3)
    docile (1.1.5)
    ffi (1.11.1)
    irb (1.0.0)
    jaro_winkler (1.5.3)
    json (2.2.0)
    os (0.9.6)
    parallel (1.17.0)
    parser (2.6.3.0)
      ast (~> 2.4.0)
    rainbow (3.0.0)
    rake (12.3.2)
    rspec (3.8.0)
      rspec-core (~> 3.8.0)
      rspec-expectations (~> 3.8.0)
      rspec-mocks (~> 3.8.0)
    rspec-core (3.8.1)
      rspec-support (~> 3.8.0)
    rspec-expectations (3.8.4)
      diff-lcs (>= 1.2.0, < 2.0)
      rspec-support (~> 3.8.0)
    rspec-mocks (3.8.1)
      diff-lcs (>= 1.2.0, < 2.0)
      rspec-support (~> 3.8.0)
    rspec-support (3.8.2)
    rubocop (0.71.0)
      jaro_winkler (~> 1.5.1)
      parallel (~> 1.10)
      parser (>= 2.6)
      rainbow (>= 2.2.2, < 4.0)
      ruby-progressbar (~> 1.7)
      unicode-display_width (>= 1.4.0, < 1.7)
    ruby-progressbar (1.10.1)
    simplecov (0.13.0)
      docile (~> 1.1.0)
      json (>= 1.8, < 3)
      simplecov-html (~> 0.10.0)
    simplecov-html (0.10.2)
    sys-proctable (1.2.1)
      ffi
    travis-lint (2.0.0)
      json
    unicode-display_width (1.6.0)

PLATFORMS
  ruby

DEPENDENCIES
  irb (~> 1.0)
  os (~> 0.9)
  rake (~> 12.3)
  rspec (~> 3.8)
  rubocop (~> 0.71)
  simplecov (~> 0.13.0)
  sys-proctree!
  travis-lint (~> 2.0)

BUNDLED WITH
   1.17.3
